GEM
  remote: http://rubygems.org/
  specs:
    concurrent-ruby (1.0.5)
    concurrent-ruby (1.0.5-java)
    domain_name (0.5.20170404)
      unf (>= 0.0.5, < 1.0.0)
    http-cookie (1.0.3)
      domain_name (~> 0.5)
    mime-types (3.1)
      mime-types-data (~> 3.2015)
    mime-types-data (3.2016.0521)
    netrc (0.11.0)
    rest-client (2.0.2)
      http-cookie (>= 1.0.2, < 2.0)
      mime-types (>= 1.16, < 4.0)
      netrc (~> 0.8)
    terminal-table (1.8.0)
      unicode-display_width (~> 1.1, >= 1.1.1)
    unf (0.1.4)
      unf_ext
    unf (0.1.4-java)
    unf_ext (0.0.7.5)
    unicode-display_width (1.3.0)

PLATFORMS
  java
  ruby

DEPENDENCIES
  concurrent-ruby (~> 1.0, >= 1.0.5)!
  rest-client (~> 2.0, >= 2.0.2)!
  terminal-table (~> 1.8)!

BUNDLED WITH
   1.16.1
